GIT
  remote: git://github.com/afcapel/rack-pjax.git
  revision: c776a9a9eaa0641636e9ece5cfe88fc739339072
  specs:
    rack-pjax (0.8.0)
      nokogiri (>= 1.5)
      rack (>= 1.1)

GIT
  remote: git://github.com/geokit/geokit-rails.git
  revision: 8696f764952ef4dde5c1b051428b04211e3f921b
  branch: rails5-test
  specs:
    geokit-rails (2.1.0)
      geokit (~> 1.5)
      rails (>= 3.0)

GIT
  remote: git://github.com/mbleigh/acts-as-taggable-on.git
  revision: 8e64c3d4a81cfbb8af621228eae36a65c1f94501
  specs:
    acts-as-taggable-on (4.0.0)
      activerecord (>= 4.0)

GIT
  remote: git://github.com/mhfs/devise-async.git
  revision: 177f6363a002f7ff28f1d289c8cab7ad8d9cb8c5
  branch: devise-4.x
  specs:
    devise-async (0.10.2)
      devise (>= 4.0)

GIT
  remote: git://github.com/mshibuya/remotipart.git
  revision: cd653ddc43bb09767b8f2802d6e27b3e00ef992f
  specs:
    remotipart (1.3.1)

GIT
  remote: git://github.com/norman/friendly_id.git
  revision: 971fecfcc55c43048ea992f0e1c80e490271ffc8
  branch: master
  specs:
    friendly_id (5.2.0)
      activerecord (>= 4.0.0)

GIT
  remote: git://github.com/sferik/rails_admin.git
  revision: 81f612f5bc16da61dbdd5356b7ac594c53a11836
  specs:
    rails_admin (1.1.0)
      builder (~> 3.1)
      coffee-rails (~> 4.0)
      font-awesome-rails (>= 3.0, < 5)
      haml (~> 4.0)
      jquery-rails (>= 3.0, < 5)
      jquery-ui-rails (~> 5.0)
      kaminari (~> 0.14)
      nested_form (~> 0.3)
      rack-pjax (>= 0.7)
      rails (>= 4.0, < 6)
      remotipart (~> 1.3)
      sass-rails (>= 4.0, < 6)

GIT
  remote: git://github.com/sinatra/sinatra.git
  revision: 63e81bc539b36778c6bd50a303750ab52ee2b2fb
  specs:
    rack-protection (2.0.0.beta2)
      rack
    sinatra (2.0.0.beta2)
      mustermann (= 1.0.0.beta2)
      rack (~> 2.0)
      rack-protection (= 2.0.0.beta2)
      tilt (~> 2.0)

GEM
  remote: https://rubygems.org/
  specs:
    actioncable (5.0.0.1)
      actionpack (= 5.0.0.1)
      nio4r (~> 1.2)
      websocket-driver (~> 0.6.1)
    actionmailer (5.0.0.1)
      actionpack (= 5.0.0.1)
      actionview (= 5.0.0.1)
      activejob (= 5.0.0.1)
      mail (~> 2.5, >= 2.5.4)
      rails-dom-testing (~> 2.0)
    actionpack (5.0.0.1)
      actionview (= 5.0.0.1)
      activesupport (= 5.0.0.1)
      rack (~> 2.0)
      rack-test (~> 0.6.3)
      rails-dom-testing (~> 2.0)
      rails-html-sanitizer (~> 1.0, >= 1.0.2)
    actionview (5.0.0.1)
      activesupport (= 5.0.0.1)
      builder (~> 3.1)
      erubis (~> 2.7.0)
      rails-dom-testing (~> 2.0)
      rails-html-sanitizer (~> 1.0, >= 1.0.2)
    activejob (5.0.0.1)
      activesupport (= 5.0.0.1)
      globalid (>= 0.3.6)
    activemodel (5.0.0.1)
      activesupport (= 5.0.0.1)
    activerecord (5.0.0.1)
      activemodel (= 5.0.0.1)
      activesupport (= 5.0.0.1)
      arel (~> 7.0)
    activesupport (5.0.0.1)
      concurrent-ruby (~> 1.0, >= 1.0.2)
      i18n (~> 0.7)
      minitest (~> 5.1)
      tzinfo (~> 1.1)
    acts_as_votable (0.10.0)
    addressable (2.5.0)
      public_suffix (~> 2.0, >= 2.0.2)
    arel (7.1.4)
    autoprefixer-rails (6.5.3)
      execjs
    awesome_print (1.7.0)
    aws-sdk (2.6.26)
      aws-sdk-resources (= 2.6.26)
    aws-sdk-core (2.6.26)
      aws-sigv4 (~> 1.0)
      jmespath (~> 1.0)
    aws-sdk-resources (2.6.26)
      aws-sdk-core (= 2.6.26)
    aws-sigv4 (1.0.0)
    babosa (1.0.2)
    bcrypt (3.1.11)
    bootstrap-sass (3.3.7)
      autoprefixer-rails (>= 5.2.1)
      sass (>= 3.3.4)
    bootstrap_form (2.5.2)
    brakeman (3.4.1)
    builder (3.2.2)
    bullet (5.4.2)
      activesupport (>= 3.0.0)
      uniform_notifier (~> 1.10.0)
    bundler-audit (0.5.0)
      bundler (~> 1.2)
      thor (~> 0.18)
    byebug (9.0.6)
    capybara (2.7.1)
      addressable
      mime-types (>= 1.16)
      nokogiri (>= 1.3.3)
      rack (>= 1.0.0)
      rack-test (>= 0.5.4)
      xpath (~> 2.0)
    capybara-webkit (1.11.1)
      capybara (>= 2.3.0, < 2.8.0)
      json
    climate_control (0.0.3)
      activesupport (>= 3.0)
    cocaine (0.5.8)
      climate_control (>= 0.0.3, < 1.0)
    code_analyzer (0.4.7)
      sexp_processor
    coderay (1.1.1)
    coffee-rails (4.2.1)
      coffee-script (>= 2.2.0)
      railties (>= 4.0.0, < 5.2.x)
    coffee-script (2.4.1)
      coffee-script-source
      execjs
    coffee-script-source (1.10.0)
    concurrent-ruby (1.0.2)
    connection_pool (2.2.1)
    crack (0.4.3)
      safe_yaml (~> 1.0.0)
    database_cleaner (1.5.3)
    debug_inspector (0.0.2)
    devise (4.2.0)
      bcrypt (~> 3.0)
      orm_adapter (~> 0.1)
      railties (>= 4.1.0, < 5.1)
      responders
      warden (~> 1.2.3)
    devise-i18n (1.1.1)
    devise-i18n-views (0.3.7)
    devise_lastseenable (0.0.6)
      devise
      rails (>= 3.0.4)
    diff-lcs (1.2.5)
    docile (1.1.5)
    dotenv (2.1.1)
    dotenv-rails (2.1.1)
      dotenv (= 2.1.1)
      railties (>= 4.0, < 5.1)
    dropzonejs-rails (0.7.3)
      rails (> 3.1)
    erubis (2.7.0)
    execjs (2.7.0)
    factory_girl (4.7.0)
      activesupport (>= 3.0.0)
    factory_girl_rails (4.7.0)
      factory_girl (~> 4.7.0)
      railties (>= 3.0.0)
    faker (1.6.6)
      i18n (~> 0.5)
    faraday (0.9.2)
      multipart-post (>= 1.2, < 3)
    faraday_middleware (0.9.2)
      faraday (>= 0.7.4, < 0.10)
    faraday_middleware-parse_oj (0.3.1)
      faraday (~> 0.9)
      faraday_middleware (>= 0.9.1, < 1.0)
      oj (~> 2.0)
    ffi (1.9.14)
    flutie (2.0.0)
    font-awesome-rails (4.7.0.0)
      railties (>= 3.2, < 5.1)
    fuubar (2.2.0)
      rspec-core (~> 3.0)
      ruby-progressbar (~> 1.4)
    geokit (1.10.0)
    globalid (0.3.7)
      activesupport (>= 4.1.0)
    gmaps4rails (2.1.2)
    haml (4.0.7)
      tilt
    hashdiff (0.3.0)
    hashie (3.4.6)
    i18n (0.7.0)
    jmespath (1.3.1)
    jquery-rails (4.2.1)
      rails-dom-testing (>= 1, < 3)
      railties (>= 4.2.0)
      thor (>= 0.14, < 2.0)
    jquery-ui-rails (5.0.5)
      railties (>= 3.2.16)
    json (2.0.2)
    jwt (1.5.6)
    kaminari (0.17.0)
      actionpack (>= 3.0.0)
      activesupport (>= 3.0.0)
    koala (2.4.0)
      addressable
      faraday
      multi_json (>= 1.3.0)
    launchy (2.4.3)
      addressable (~> 2.3)
    listen (3.1.5)
      rb-fsevent (~> 0.9, >= 0.9.4)
      rb-inotify (~> 0.9, >= 0.9.7)
      ruby_dep (~> 1.2)
    loofah (2.0.3)
      nokogiri (>= 1.5.9)
    mail (2.6.4)
      mime-types (>= 1.16, < 4)
    material_design_lite-rails (1.2.1)
      railties (>= 3.1)
    material_icons (2.2.0)
      railties (>= 3.2)
    metamagic (3.1.7)
      rails (>= 3.0.0)
    method_source (0.8.2)
    mime-types (2.99.3)
    mimemagic (0.3.2)
    mini_portile2 (2.1.0)
    minitest (5.9.1)
    multi_json (1.12.1)
    multi_xml (0.5.5)
    multipart-post (2.0.0)
    mustermann (1.0.0.beta2)
    neat (1.8.0)
      sass (>= 3.3)
      thor (~> 0.19)
    nested_form (0.3.2)
    nio4r (1.2.1)
    nokogiri (1.6.8.1)
      mini_portile2 (~> 2.1.0)
    oauth2 (1.2.0)
      faraday (>= 0.8, < 0.10)
      jwt (~> 1.0)
      multi_json (~> 1.3)
      multi_xml (~> 0.5)
      rack (>= 1.2, < 3)
    oj (2.17.5)
    omniauth (1.3.1)
      hashie (>= 1.2, < 4)
      rack (>= 1.0, < 3)
    omniauth-facebook (4.0.0)
      omniauth-oauth2 (~> 1.2)
    omniauth-google-oauth2 (0.4.1)
      jwt (~> 1.5.2)
      multi_json (~> 1.3)
      omniauth (>= 1.1.1)
      omniauth-oauth2 (>= 1.3.1)
    omniauth-oauth2 (1.4.0)
      oauth2 (~> 1.0)
      omniauth (~> 1.2)
    omniauth-vkontakte (1.3.7)
      omniauth-oauth2 (~> 1.1)
    orm_adapter (0.5.0)
    paperclip (5.1.0)
      activemodel (>= 4.2.0)
      activesupport (>= 4.2.0)
      cocaine (~> 0.5.5)
      mime-types
      mimemagic (~> 0.3.0)
    pg (0.19.0)
    pg_search (1.0.6)
      activerecord (>= 3.1)
      activesupport (>= 3.1)
      arel
    pry (0.10.4)
      coderay (~> 1.1.0)
      method_source (~> 0.8.1)
      slop (~> 3.4)
    pry-byebug (3.4.0)
      byebug (~> 9.0)
      pry (~> 0.10)
    public_suffix (2.0.4)
    puma (3.6.1)
    rack (2.0.1)
    rack-canonical-host (0.2.2)
      addressable (> 0, < 3)
      rack (>= 1.0.0, < 3)
    rack-cors (0.4.0)
    rack-mini-profiler (0.10.1)
      rack (>= 1.2.0)
    rack-test (0.6.3)
      rack (>= 1.0)
    rails (5.0.0.1)
      actioncable (= 5.0.0.1)
      actionmailer (= 5.0.0.1)
      actionpack (= 5.0.0.1)
      actionview (= 5.0.0.1)
      activejob (= 5.0.0.1)
      activemodel (= 5.0.0.1)
      activerecord (= 5.0.0.1)
      activesupport (= 5.0.0.1)
      bundler (>= 1.3.0, < 2.0)
      railties (= 5.0.0.1)
      sprockets-rails (>= 2.0.0)
    rails-controller-testing (1.0.1)
      actionpack (~> 5.x)
      actionview (~> 5.x)
      activesupport (~> 5.x)
    rails-dom-testing (2.0.1)
      activesupport (>= 4.2.0, < 6.0)
      nokogiri (~> 1.6.0)
    rails-html-sanitizer (1.0.3)
      loofah (~> 2.0)
    rails-timeago (2.15.0)
      actionpack (>= 3.1)
      activesupport (>= 3.1)
    rails_admin_tag_list (0.2.0)
      rails_admin (>= 0.6)
    rails_best_practices (1.17.0)
      activesupport
      code_analyzer (>= 0.4.3)
      erubis
      i18n
      json
      require_all
      ruby-progressbar
    railties (5.0.0.1)
      actionpack (= 5.0.0.1)
      activesupport (= 5.0.0.1)
      method_source
      rake (>= 0.8.7)
      thor (>= 0.18.1, < 2.0)
    rake (11.3.0)
    rb-fsevent (0.9.8)
    rb-inotify (0.9.7)
      ffi (>= 0.5.0)
    recipient_interceptor (0.1.2)
      mail
    redis (3.3.2)
    redis-actionpack (5.0.1)
      actionpack (>= 4.0, < 6)
      redis-rack (>= 1, < 3)
      redis-store (>= 1.1.0, < 1.4.0)
    redis-activesupport (5.0.1)
      activesupport (>= 3, < 6)
      redis-store (~> 1.2.0)
    redis-namespace (1.5.2)
      redis (~> 3.0, >= 3.0.4)
    redis-rack (2.0.0)
      rack (~> 2.0)
      redis-store (~> 1.2.0)
    redis-rails (5.0.1)
      redis-actionpack (~> 5.0.0)
      redis-activesupport (~> 5.0.0)
      redis-store (~> 1.2.0)
    redis-store (1.2.0)
      redis (>= 2.2)
    require_all (1.3.3)
    responders (2.3.0)
      railties (>= 4.2.0, < 5.1)
    rspec-core (3.5.4)
      rspec-support (~> 3.5.0)
    rspec-expectations (3.5.0)
      diff-lcs (>= 1.2.0, < 2.0)
      rspec-support (~> 3.5.0)
    rspec-mocks (3.5.0)
      diff-lcs (>= 1.2.0, < 2.0)
      rspec-support (~> 3.5.0)
    rspec-rails (3.5.2)
      actionpack (>= 3.0)
      activesupport (>= 3.0)
      railties (>= 3.0)
      rspec-core (~> 3.5.0)
      rspec-expectations (~> 3.5.0)
      rspec-mocks (~> 3.5.0)
      rspec-support (~> 3.5.0)
    rspec-support (3.5.0)
    ruby-progressbar (1.8.1)
    ruby_dep (1.5.0)
    rufus-scheduler (3.2.2)
    safe_yaml (1.0.4)
    sass (3.4.22)
    sass-rails (5.0.6)
      railties (>= 4.0.0, < 6)
      sass (~> 3.1)
      sprockets (>= 2.8, < 4.0)
      sprockets-rails (>= 2.0, < 4.0)
      tilt (>= 1.1, < 3)
    select2-rails (4.0.3)
      thor (~> 0.14)
    sexp_processor (4.7.0)
    shoulda-matchers (3.1.1)
      activesupport (>= 4.0.0)
    sidekiq (4.2.6)
      concurrent-ruby (~> 1.0)
      connection_pool (~> 2.2, >= 2.2.0)
      rack-protection (>= 1.5.0)
      redis (~> 3.2, >= 3.2.1)
    sidekiq-cron (0.4.4)
      redis-namespace (>= 1.5.2)
      rufus-scheduler (>= 2.0.24)
      sidekiq (>= 4.2.1)
    simplecov (0.12.0)
      docile (~> 1.1.0)
      json (>= 1.8, < 3)
      simplecov-html (~> 0.10.0)
    simplecov-html (0.10.0)
    sitemap_generator (5.2.0)
      builder (~> 3.0)
    slack-notifier (1.5.1)
    slim (3.0.7)
      temple (~> 0.7.6)
      tilt (>= 1.3.3, < 2.1)
    slim-rails (3.1.1)
      actionpack (>= 3.1)
      railties (>= 3.1)
      slim (~> 3.0)
    slop (3.6.0)
    spring (2.0.0)
      activesupport (>= 4.2)
    spring-commands-rspec (1.0.4)
      spring (>= 0.9.1)
    sprockets (3.7.0)
      concurrent-ruby (~> 1.0)
      rack (> 1, < 3)
    sprockets-rails (3.2.0)
      actionpack (>= 4.0)
      activesupport (>= 4.0)
      sprockets (>= 3.0.0)
    summernote-rails (0.8.2.0)
      railties (>= 3.1)
    temple (0.7.7)
    thor (0.19.1)
    thread_safe (0.3.5)
    tilt (2.0.5)
    timecop (0.8.1)
    traceroute (0.5.0)
      rails (>= 3.0.0)
    tzinfo (1.2.2)
      thread_safe (~> 0.1)
    uglifier (3.0.3)
      execjs (>= 0.3.0, < 3)
    underscore-rails (1.8.3)
    uniform_notifier (1.10.0)
    vkontakte_api (1.4.3)
      faraday (~> 0.9.0)
      faraday_middleware (~> 0.9.1)
      faraday_middleware-parse_oj (~> 0.3)
      hashie (>= 2.0)
      oauth2 (>= 0.8)
    warden (1.2.6)
      rack (>= 1.0)
    web-console (3.4.0)
      actionview (>= 5.0)
      activemodel (>= 5.0)
      debug_inspector
      railties (>= 5.0)
    webmock (2.1.0)
      addressable (>= 2.3.6)
      crack (>= 0.3.2)
      hashdiff
    websocket-driver (0.6.4)
      websocket-extensions (>= 0.1.0)
    websocket-extensions (0.1.2)
    xpath (2.0.0)
      nokogiri (~> 1.3)

PLATFORMS
  ruby

DEPENDENCIES
  acts-as-taggable-on!
  acts_as_votable
  autoprefixer-rails
  awesome_print
  aws-sdk
  babosa
  bootstrap-sass
  bootstrap_form
  brakeman
  bullet
  bundler-audit (>= 0.5.0)
  capybara-webkit
  coffee-rails
  database_cleaner
  devise
  devise-async!
  devise-i18n
  devise-i18n-views
  devise_lastseenable
  dotenv-rails
  dropzonejs-rails
  factory_girl_rails
  faker
  flutie
  font-awesome-rails
  friendly_id!
  fuubar
  geokit-rails!
  gmaps4rails
  jquery-rails
  jquery-ui-rails
  kaminari (~> 0.17.0)
  koala (~> 2.2)
  launchy
  listen
  material_design_lite-rails (~> 1.2)
  material_icons
  metamagic
  neat
  omniauth-facebook
  omniauth-google-oauth2
  omniauth-vkontakte
  paperclip
  pg
  pg_search
  pry-byebug
  puma
  rack-canonical-host
  rack-cors
  rack-mini-profiler
  rack-pjax!
  rails (~> 5.0)
  rails-controller-testing
  rails-timeago (~> 2.0)
  rails_admin!
  rails_admin_tag_list
  rails_best_practices
  recipient_interceptor
  redis-rails
  remotipart!
  rspec-rails (~> 3.5.0.beta4)
  sass-rails
  select2-rails
  shoulda-matchers
  sidekiq
  sidekiq-cron
  simplecov
  sinatra!
  sitemap_generator
  slack-notifier
  slim-rails
  spring
  spring-commands-rspec
  summernote-rails
  timecop
  traceroute
  uglifier
  underscore-rails
  vkontakte_api (~> 1.4)
  web-console
  webmock

RUBY VERSION
   ruby 2.3.3p222

BUNDLED WITH
   1.14.6
